PATH
  remote: .
  specs:
    pod_updater (0.6.3)
      colorize
      terminal-notifier

GEM
  remote: https://rubygems.org/
  specs:
    colorize (0.8.1)
    rake (10.4.2)
    terminal-notifier (2.0.0)

PLATFORMS
  ruby

DEPENDENCIES
  bundler (~> 1.16)
  pod_updater!
  rake (~> 10.0)

BUNDLED WITH
   1.16.6
